GEM
  remote: https://rubygems.org/
  specs:
    activemodel (3.0.0)
      activesupport (= 3.0.0)
      builder (~> 3.0.0)
    activesupport (3.0.0)
      i18n (~> 0.6, >= 0.6.4)
      minitest (~> 4.2)
      multi_json (~> 1.3)
      thread_safe (~> 0.1)
      tzinfo (~> 0.3.37)
    addressable (2.3.5)
    agent_orange (0.1.6)
    atomic (1.1.14)
    backports (3.3.4)
    bson (1.9.2)
    bson_ext (1.9.2)
      bson (~> 1.9.2)
    builder (3.0.0)
    carrot (1.2.0)
    chunky_png (1.2.9)
    coderay (1.0.9)
    columnize (0.3.6)
    compass (0.12.2)
      chunky_png (~> 1.2)
      fssm (>= 0.2.7)
      sass (~> 3.1)
    debugger (1.6.2)
      columnize (>= 0.3.1)
      debugger-linecache (~> 1.2.0)
      debugger-ruby_core_source (~> 1.2.3)
    debugger-linecache (1.2.0)
    debugger-ruby_core_source (1.2.3)
    diff-lcs (1.1.3)
    ethon (0.5.12)
      ffi (>= 1.3.0)
      mime-types (~> 1.18)
    faraday (0.8.8)
      multipart-post (~> 1.2.0)
    ffi (1.9.3)
    fssm (0.2.10)
    gilt (0.2.0)
      money (~> 4.0.2)
      weary (~> 1.1.0)
    i18n (0.6.5)
    json (1.8.0)
    kgio (2.8.1)
    koala (1.6.0)
      addressable (~> 2.2)
      faraday (~> 0.8)
      multi_json (~> 1.3)
    method_source (0.8.2)
    mime-types (1.25)
    minitest (4.7.5)
    money (4.0.2)
      i18n (~> 0.4)
      json
    mongo (1.9.2)
      bson (~> 1.9.2)
    mongoid (2.0.2)
      activemodel (~> 3.0)
      mongo (~> 1.3)
      tzinfo (~> 0.3.22)
    multi_json (1.8.2)
    multipart-post (1.2.0)
    promise (0.3.0)
    pry (0.9.12.2)
      coderay (~> 1.0.5)
      method_source (~> 0.8)
      slop (~> 3.4)
    pry-debugger (0.2.2)
      debugger (~> 1.3)
      pry (~> 0.9.10)
    rack (1.5.2)
    rack-protection (1.5.0)
      rack
    rack-test (0.6.2)
      rack (>= 1.0)
    raindrops (0.12.0)
    rake (10.1.0)
    rspec (2.10.0)
      rspec-core (~> 2.10.0)
      rspec-expectations (~> 2.10.0)
      rspec-mocks (~> 2.10.0)
    rspec-core (2.10.1)
    rspec-expectations (2.10.0)
      diff-lcs (~> 1.1.3)
    rspec-mocks (2.10.1)
    rtr_ruby_api_clients (0.4.52)
      activemodel
      activesupport
      agent_orange (= 0.1.6)
      carrot (= 1.2.0)
      typhoeus (= 0.6.1)
      yajl-ruby (= 1.1.0)
    sass (3.2.12)
    simple_oauth (0.2.0)
    sinatra (1.4.3)
      rack (~> 1.4)
      rack-protection (~> 1.4)
      tilt (~> 1.3, >= 1.3.4)
    sinatra-contrib (1.4.1)
      backports (>= 2.0)
      multi_json
      rack-protection
      rack-test
      sinatra (~> 1.4.0)
      tilt (~> 1.3)
    slop (3.4.6)
    thread_safe (0.1.3)
      atomic
    tilt (1.4.1)
    typhoeus (0.6.1)
      ethon (~> 0.5.9)
    tzinfo (0.3.38)
    unicorn (4.5.0)
      kgio (~> 2.6)
      rack
      raindrops (~> 0.7)
    weary (1.1.3)
      addressable (~> 2.3)
      multi_json (~> 1.7)
      promise (~> 0.3.0)
      rack (~> 1.5)
      simple_oauth (~> 0.2)
    yajl-ruby (1.1.0)

PLATFORMS
  ruby

DEPENDENCIES
  activemodel (~> 3.0.0)
  bson_ext
  compass
  gilt
  koala
  mongo
  mongoid (~> 2.0.0)
  pry
  pry-debugger
  rake (= 10.1)
  rspec (= 2.10)
  rtr_ruby_api_clients (= 0.4.52)
  sass
  sinatra (= 1.4.3)
  sinatra-contrib
  unicorn
